GEM
  remote: http://rubygems.org/
  specs:
    diff-lcs (1.3)
    mysql2 (0.5.2)
    rspec (3.8.0)
      rspec-core (~> 3.8.0)
      rspec-expectations (~> 3.8.0)
      rspec-mocks (~> 3.8.0)
    rspec-core (3.8.0)
      rspec-support (~> 3.8.0)
    rspec-expectations (3.8.1)
      diff-lcs (>= 1.2.0, < 2.0)
      rspec-support (~> 3.8.0)
    rspec-mocks (3.8.0)
      diff-lcs (>= 1.2.0, < 2.0)
      rspec-support (~> 3.8.0)
    rspec-support (3.8.0)
    sequel (5.21.0)

PLATFORMS
  ruby

DEPENDENCIES
  mysql2
  rspec
  sequel (~> 5.21)

RUBY VERSION
   ruby 2.6.3p62

BUNDLED WITH
   1.17.2
