GEM
  remote: http://rubygems.org/
  specs:
    diff-lcs (1.3)
    mysql2 (0.5.2)
    rspec (3.9.0)
      rspec-core (~> 3.9.0)
      rspec-expectations (~> 3.9.0)
      rspec-mocks (~> 3.9.0)
    rspec-core (3.9.0)
      rspec-support (~> 3.9.0)
    rspec-expectations (3.9.0)
      diff-lcs (>= 1.2.0, < 2.0)
      rspec-support (~> 3.9.0)
    rspec-mocks (3.9.0)
      diff-lcs (>= 1.2.0, < 2.0)
      rspec-support (~> 3.9.0)
    rspec-support (3.9.0)
    sequel (5.22.0)

PLATFORMS
  ruby

DEPENDENCIES
  mysql2
  rspec
  sequel (~> 5.22)

RUBY VERSION
   ruby 2.5.3p105

BUNDLED WITH
   2.1.0
